GEM
  remote: https://rubygems.org/
  specs:
    geocoder (1.2.11)

PLATFORMS
  ruby

DEPENDENCIES
  geocoder
